RESTRICTION: == net45
NUGET
  remote: https://www.nuget.org/api/v2
    CommonServiceLocator (1.3)
    Eto.Forms (2.3)
    Eto.Platform.Gtk3 (2.3)
      Eto.Forms (2.3)
    Eto.Platform.Windows (2.3)
      Eto.Forms (2.3)
    JetBrains.Annotations (11.0)
    Mono.Posix (4.0)
    MvvmLightLibs (5.3)
      CommonServiceLocator (>= 1.3)
    NLog (4.4.12)
